GEM
  remote: http://rubygems.org/
  specs:
    minitest (5.5.0)
    vimrunner (0.3.1)

PLATFORMS
  ruby

DEPENDENCIES
  minitest
  vimrunner
